PATH
  remote: .
  specs:
    rails_best_practices-rake_task (0.0.0)
      rails_best_practices (~> 1.0)

GEM
  remote: https://rubygems.org/
  specs:
    activesupport (5.0.1)
      concurrent-ruby (~> 1.0, >= 1.0.2)
      i18n (~> 0.7)
      minitest (~> 5.1)
      tzinfo (~> 1.1)
    code_analyzer (0.4.7)
      sexp_processor
    concurrent-ruby (1.0.4)
    erubis (2.7.0)
    i18n (0.7.0)
    json (2.0.3)
    minitest (5.10.1)
    rails_best_practices (1.17.0)
      activesupport
      code_analyzer (>= 0.4.3)
      erubis
      i18n
      json
      require_all
      ruby-progressbar
    rake (12.0.0)
    require_all (1.4.0)
    ruby-progressbar (1.8.1)
    sexp_processor (4.7.0)
    thread_safe (0.3.5)
    tzinfo (1.2.2)
      thread_safe (~> 0.1)
    version_manager (1.0.1)

PLATFORMS
  ruby

DEPENDENCIES
  rails_best_practices-rake_task!
  rake (~> 12.0)
  version_manager (~> 1.0.1)

BUNDLED WITH
   1.13.7
